GEM
  remote: https://rubygems.org/
  specs:
    activemodel (4.2.4)
      activesupport (= 4.2.4)
      builder (~> 3.1)
    activerecord (4.2.4)
      activemodel (= 4.2.4)
      activesupport (= 4.2.4)
      arel (~> 6.0)
    activesupport (4.2.4)
      i18n (~> 0.7)
      json (~> 1.7, >= 1.7.7)
      minitest (~> 5.1)
      thread_safe (~> 0.3, >= 0.3.4)
      tzinfo (~> 1.1)
    arel (6.0.3)
    aws-sdk-v1 (1.66.0)
      json (~> 1.4)
      nokogiri (>= 1.4.4)
    blather (1.1.4)
      activesupport (>= 2.3.11)
      eventmachine (>= 1.0.0)
      girl_friday
      niceogiri (~> 1.0)
      nokogiri (~> 1.5, >= 1.5.6)
    builder (3.2.2)
    coderay (1.1.0)
    connection_pool (1.2.0)
    diff-lcs (1.2.5)
    docile (1.1.5)
    eventmachine (1.0.8)
    girl_friday (0.11.2)
      connection_pool (~> 1.0)
      rubinius-actor
    god (0.13.7)
    i18n (0.7.0)
    json (1.8.3)
    method_source (0.8.2)
    mini_portile2 (2.4.0)
    minitest (5.8.2)
    multi_xml (0.5.5)
    mysql2 (0.3.20)
    niceogiri (1.1.2)
      nokogiri (~> 1.5)
    nokogiri (1.10.8)
      mini_portile2 (~> 2.4.0)
    process_safe_logger (0.2.1)
    pry (0.10.3)
      coderay (~> 1.1.0)
      method_source (~> 0.8.1)
      slop (~> 3.4)
    redis (3.2.1)
    rspec (3.3.0)
      rspec-core (~> 3.3.0)
      rspec-expectations (~> 3.3.0)
      rspec-mocks (~> 3.3.0)
    rspec-core (3.3.2)
      rspec-support (~> 3.3.0)
    rspec-expectations (3.3.1)
      diff-lcs (>= 1.2.0, < 2.0)
      rspec-support (~> 3.3.0)
    rspec-mocks (3.3.2)
      diff-lcs (>= 1.2.0, < 2.0)
      rspec-support (~> 3.3.0)
    rspec-support (3.3.0)
    rubinius-actor (0.0.2)
      rubinius-core-api
    rubinius-core-api (0.0.1)
    simplecov (0.10.0)
      docile (~> 1.1.0)
      json (~> 1.8)
      simplecov-html (~> 0.10.0)
    simplecov-html (0.10.0)
    slop (3.6.0)
    thread_safe (0.3.5)
    tlsmail (0.0.1)
    tzinfo (1.2.2)
      thread_safe (~> 0.1)
    xmpp4r (0.5.6)

PLATFORMS
  ruby

DEPENDENCIES
  activerecord
  aws-sdk-v1
  blather
  eventmachine
  god
  minitest (~> 5.1)
  multi_xml
  mysql2 (~> 0.3.18)
  process_safe_logger
  pry
  redis
  rspec
  simplecov
  tlsmail
  xmpp4r

BUNDLED WITH
   1.10.6
